PATH
  remote: .
  specs:
    razyk (0.1.0)
      rack
      ruby-graphviz

GEM
  remote: https://rubygems.org/
  specs:
    coderay (1.1.0)
    coreaudio (0.0.11)
      narray (~> 0.6.0.0)
    docile (1.1.5)
    json (1.8.3)
    method_source (0.8.2)
    narray (0.6.0.9)
    power_assert (0.2.4)
    pry (0.10.3)
      coderay (~> 1.1.0)
      method_source (~> 0.8.1)
      slop (~> 3.4)
    racc (1.4.13)
    rack (1.6.4)
    rake (10.4.2)
    ruby-graphviz (1.2.2)
    simplecov (0.10.0)
      docile (~> 1.1.0)
      json (~> 1.8)
      simplecov-html (~> 0.10.0)
    simplecov-html (0.10.0)
    slop (3.6.0)
    test-unit (3.1.5)
      power_assert
    test-unit-power_assert (0.1.1)
      power_assert
      test-unit

PLATFORMS
  ruby

DEPENDENCIES
  bundler (~> 1.10)
  coreaudio
  pry
  racc
  rake (~> 10.0)
  razyk!
  simplecov
  test-unit
  test-unit-power_assert

BUNDLED WITH
   1.10.6
