PATH
  remote: .
  specs:
    razyk (0.2.1)
      rack

GEM
  remote: https://rubygems.org/
  specs:
    coderay (1.1.2)
    docile (1.3.2)
    json (2.3.1)
    method_source (0.9.2)
    power_assert (1.1.5)
    pry (0.12.2)
      coderay (~> 1.1.0)
      method_source (~> 0.9.0)
    racc (1.4.15)
    rack (2.2.3)
    rake (12.3.3)
    simplecov (0.17.0)
      docile (~> 1.1)
      json (>= 1.8, < 3)
      simplecov-html (~> 0.10.0)
    simplecov-html (0.10.2)
    test-unit (3.3.3)
      power_assert
    test-unit-power_assert (0.1.2)
      power_assert
      test-unit

PLATFORMS
  ruby

DEPENDENCIES
  bundler
  pry
  racc
  rake
  razyk!
  simplecov
  test-unit
  test-unit-power_assert

BUNDLED WITH
   2.0.2
